CONTENT: NONE
NUGET
  remote: https://nuget.org/api/v2
  specs:
    Alea.CUDA (2.2.0.3307)
    Alea.CUDA.Fody (2.2.0.3307)
      Alea.CUDA (2.2.0.3307)
      Alea.CUDA.IL (2.2.0.3307)
      Alea.IL (2.2.0.3307)
      Fody (>= 1.28.0)
    Alea.CUDA.IL (2.2.0.3307)
      Alea.CUDA (2.2.0.3307)
      Alea.IL (2.2.0.3307)
    Alea.CUDA.Unbound (2.2.0.3307)
      Alea.CUDA (2.2.0.3307)
      Alea.CUDA.IL (2.2.0.3307)
      Alea.IL (2.2.0.3307)
    Alea.IL (2.2.0.3307)
    FAKE (4.4.4)
    Fody (1.29.3)
    FSharp.Charting (0.90.12)
    FSharp.Collections.ParallelSeq (1.0.2)
    FSharp.Compiler.Service (0.0.67)
    FSharp.Core (3.1.2.5)
    FSharp.Data (2.2.5)
      Zlib.Portable (>= 1.10.0) - framework: portable-net40+sl50+wp80+win80
    FSharp.Formatting (2.4.36)
      FSharp.Compiler.Service (0.0.67)
      Microsoft.AspNet.Razor (2.0.30506.0)
      RazorEngine (3.3.0)
    FsUnit (1.3.1.0)
      NUnit (2.6.4)
    Microsoft.AspNet.Razor (2.0.30506.0)
    NuGet.CommandLine (2.8.6)
    NUnit (2.6.4)
    NUnit.Runners (2.6.4)
    OpenTK (1.1.1589.5942)
    RazorEngine (3.3.0)
      Microsoft.AspNet.Razor (>= 2.0.30506.0)
    SharpDX (2.5.0)
    SharpDX.Direct3D9 (2.5.0)
      SharpDX (>= 2.5.0)
    SharpDX.RawInput (2.5.0)
      SharpDX (>= 2.5.0)
    Zlib.Portable (1.11.0) - framework: portable-net40+sl50+wp80+win80
